GEM
  remote: https://rubygems.org/
  specs:
    rbs (1.6.2)
    typeprof (0.20.2)
      rbs (>= 1.6.2)

PLATFORMS
  arm64-darwin-20

DEPENDENCIES
  typeprof

BUNDLED WITH
   2.3.0.dev
